GEM
  remote: http://rubygems.org/
  specs:
    builder (3.2.2)
    chunky_png (1.2.9)
    compass (0.12.2)
      chunky_png (~> 1.2)
      fssm (>= 0.2.7)
      sass (~> 3.1)
    daemons (1.1.9)
    eventmachine (1.0.3)
    excon (0.31.0)
    faraday (0.9.0)
      multipart-post (>= 1.2, < 3)
    fog (1.19.0)
      builder
      excon (~> 0.31.0)
      formatador (~> 0.2.0)
      mime-types
      multi_json (~> 1.0)
      net-scp (~> 1.1)
      net-ssh (>= 2.1.3)
      nokogiri (~> 1.5)
      ruby-hmac
    formatador (0.2.4)
    fssm (0.2.10)
    haml (4.0.5)
      tilt
    hashie (2.0.5)
    heroku-bouncer (0.4.1)
      faraday (~> 0.8)
      omniauth-heroku (>= 0.1.0)
      rack (~> 1.0)
      sinatra (~> 1.0)
    heroku-nav (0.2.2)
    jwt (0.1.11)
      multi_json (>= 1.5)
    metaclass (0.0.2)
    mime-types (2.0)
    mini_portile (0.5.2)
    minitest-spec-context (0.0.3)
    mocha (1.0.0)
      metaclass (~> 0.0.1)
    multi_json (1.8.4)
    multi_xml (0.5.5)
    multipart-post (2.0.0)
    net-scp (1.1.2)
      net-ssh (>= 2.6.5)
    net-ssh (2.7.0)
    nokogiri (1.6.1)
      mini_portile (~> 0.5.0)
    oauth2 (0.9.3)
      faraday (>= 0.8, < 0.10)
      jwt (~> 0.1.8)
      multi_json (~> 1.3)
      multi_xml (~> 0.5)
      rack (~> 1.2)
    omniauth (1.2.1)
      hashie (>= 1.2, < 3)
      rack (~> 1.0)
    omniauth-heroku (0.1.1)
      omniauth (~> 1.0)
      omniauth-oauth2 (~> 1.0)
    omniauth-oauth2 (1.1.2)
      faraday (>= 0.8, < 0.10)
      multi_json (~> 1.3)
      oauth2 (~> 0.9.3)
      omniauth (~> 1.2)
    pg (0.13.2)
    rack (1.6.2)
    rack-protection (1.5.1)
      rack
    rack-ssl-enforcer (0.2.6)
    rack-test (0.6.2)
      rack (>= 1.0)
    rake (10.1.1)
    rdiscount (1.6.8)
    rollbar (0.12.12)
      multi_json (~> 1.3)
    ruby-hmac (0.4.0)
    sass (3.2.13)
    shotgun (0.9)
      rack (>= 1.0)
    sinatra (1.4.4)
      rack (~> 1.4)
      rack-protection (~> 1.4)
      tilt (~> 1.3, >= 1.3.4)
    thin (1.6.1)
      daemons (>= 1.0.9)
      eventmachine (>= 1.0.0)
      rack (>= 1.0.0)
    tilt (1.4.1)

PLATFORMS
  ruby

DEPENDENCIES
  compass
  fog
  haml
  heroku-bouncer (= 0.4.1)
  heroku-nav
  minitest-spec-context
  mocha
  pg (= 0.13.2)
  rack-ssl-enforcer
  rack-test
  rake
  rdiscount (~> 1.6.x)
  rollbar
  sass
  shotgun
  sinatra
  thin
